NUGET
  remote: https://www.nuget.org/api/v2
  specs:
    FAKE (4.61.3)
