RESTRICTION: >= net45
NUGET
  remote: https://www.nuget.org/api/v2
    FAKE (4.61.3)
    FSharp.Core (4.2.1) - redirects: force
GITHUB
  remote: fable-elmish/elmish
    src/cmd.fs (de5d6ce3c99de4991f25006b7ac2a339eaba3cfd)
    src/program.fs (de5d6ce3c99de4991f25006b7ac2a339eaba3cfd)