RESTRICTION: >= net45
NUGET
  remote: https://www.nuget.org/api/v2
    FAKE (4.61.3)
    FSharp.Core (4.2.1) - redirects: force
GITHUB
  remote: fable-elmish/elmish
    src/cmd.fs (46f0313c26266c5703d4f7dcf111fb0038393a77)
    src/program.fs (46f0313c26266c5703d4f7dcf111fb0038393a77)
GROUP sample
NUGET
  remote: https://www.nuget.org/api/v2
    FsXaml.Wpf (3.1.6)
